GEM
  remote: https://rubygems.org/
  specs:
    haml (3.1.7)
    rack (1.6.4)
    rack-protection (1.5.3)
      rack
    sass (3.2.1)
    sinatra (1.3.3)
      rack (~> 1.3, >= 1.3.6)
      rack-protection (~> 1.2)
      tilt (~> 1.3, >= 1.3.3)
    tilt (1.4.1)

PLATFORMS
  ruby

DEPENDENCIES
  haml (= 3.1.7)
  sass (= 3.2.1)
  sinatra (= 1.3.3)

BUNDLED WITH
   1.12.5
